GEM
  remote: https://rubygems.org/
  specs:
    git (1.2.6)
    rake (10.1.0)

PLATFORMS
  ruby

DEPENDENCIES
  git (~> 1.2)
  rake (~> 10.0)
